PATH
  remote: .
  specs:
    rails_importer (0.2.5)
      spreadsheet

GEM
  remote: https://rubygems.org/
  specs:
    ruby-ole (1.2.12)
    spreadsheet (1.1.3)
      ruby-ole (>= 1.0)

PLATFORMS
  ruby

DEPENDENCIES
  rails_importer!

BUNDLED WITH
   1.13.1
